GIT
  remote: git://github.com/EppO/rolify.git
  revision: ae0712ccf765c20945ce430ef0fdaa1b7c4bad8c
  specs:
    rolify (4.0.0)

GIT
  remote: git://github.com/alexreisner/geocoder.git
  revision: 96f8fba20cde22257d88d2c4ad0dac6b8ca26409
  specs:
    geocoder (1.2.9)

GIT
  remote: git://github.com/bmabey/database_cleaner.git
  revision: 19773bbd1caa969e0e9be5eb0a8842b66f566f58
  specs:
    database_cleaner (1.4.1)

GIT
  remote: git://github.com/bokmann/font-awesome-rails.git
  revision: 2137b6bb3c9dcc41809d9f92aa65b4943bc7f082
  specs:
    font-awesome-rails (4.3.0.0)
      railties (>= 3.2, < 5.0)

GIT
  remote: git://github.com/ernie/ransack.git
  revision: d5d1cfaacfb531afe8d58fae6e30a6bf45c86925
  specs:
    ransack (1.6.6)
      actionpack (>= 3.0)
      activerecord (>= 3.0)
      activesupport (>= 3.0)
      i18n
      polyamorous (~> 1.2)

GIT
  remote: git://github.com/flyerhzm/bullet.git
  revision: 4475148e200d2a6ecdfb78c45d7638935dfae9da
  specs:
    bullet (4.14.8)
      activesupport (>= 3.0.0)
      uniform_notifier (~> 1.9.0)

GIT
  remote: git://github.com/geekq/workflow.git
  revision: 403a9e44bf49f4d154156d5701e3d67b115ed6da
  specs:
    workflow (1.3.0)

GIT
  remote: git://github.com/nathanl/authority.git
  revision: 1412671ec3b2d8a37825c05515e00a1cec0d64e0
  specs:
    authority (3.0.0)
      activesupport (>= 3.0.0)
      rake (>= 0.8.7)

GIT
  remote: git://github.com/nathanvda/cocoon.git
  revision: 89885acac3a630a16647f2dfb17f0d86e4f665c4
  specs:
    cocoon (1.2.6)

GIT
  remote: git://github.com/norman/friendly_id.git
  revision: b6b6c004890ae3558a8ee19cc004a1456d9d0fff
  specs:
    friendly_id (5.2.0.beta.1)
      activerecord (>= 4.0.0)

GIT
  remote: git://github.com/refile/refile.git
  revision: 51760dacd6fbff6990afec37d8f9e38b24615733
  specs:
    refile (0.5.5)
      mime-types
      rest-client (~> 1.8)
      sinatra (~> 1.4.5)

GIT
  remote: git://github.com/stefankroes/ancestry.git
  revision: 2fa4381e0e21289d6800772d7f67d16efa65c4f8
  specs:
    ancestry (2.1.0)
      activerecord (>= 3.0.0)

GEM
  remote: https://rubygems.org/
  specs:
    actionmailer (4.2.1)
      actionpack (= 4.2.1)
      actionview (= 4.2.1)
      activejob (= 4.2.1)
      mail (~> 2.5, >= 2.5.4)
      rails-dom-testing (~> 1.0, >= 1.0.5)
    actionpack (4.2.1)
      actionview (= 4.2.1)
      activesupport (= 4.2.1)
      rack (~> 1.6)
      rack-test (~> 0.6.2)
      rails-dom-testing (~> 1.0, >= 1.0.5)
      rails-html-sanitizer (~> 1.0, >= 1.0.1)
    actionview (4.2.1)
      activesupport (= 4.2.1)
      builder (~> 3.1)
      erubis (~> 2.7.0)
      rails-dom-testing (~> 1.0, >= 1.0.5)
      rails-html-sanitizer (~> 1.0, >= 1.0.1)
    active_model_serializers (0.9.3)
      activemodel (>= 3.2)
    activejob (4.2.1)
      activesupport (= 4.2.1)
      globalid (>= 0.3.0)
    activemodel (4.2.1)
      activesupport (= 4.2.1)
      builder (~> 3.1)
    activerecord (4.2.1)
      activemodel (= 4.2.1)
      activesupport (= 4.2.1)
      arel (~> 6.0)
    activesupport (4.2.1)
      i18n (~> 0.7)
      json (~> 1.7, >= 1.7.7)
      minitest (~> 5.1)
      thread_safe (~> 0.3, >= 0.3.4)
      tzinfo (~> 1.1)
    acts-as-taggable-on (3.5.0)
      activerecord (>= 3.2, < 5)
    addressable (2.3.8)
    api_smith (1.3.0)
      hashie (>= 1.0, < 3.0)
      httparty
    arel (6.0.0)
    aws-sdk (2.1.0)
      aws-sdk-resources (= 2.1.0)
    aws-sdk-core (2.1.0)
      jmespath (~> 1.0)
    aws-sdk-resources (2.1.0)
      aws-sdk-core (= 2.1.0)
    aws-sdk-v1 (1.64.0)
      json (~> 1.4)
      nokogiri (>= 1.4.4)
    bcrypt (3.1.10)
    bcrypt-ruby (3.1.5)
      bcrypt (>= 3.1.3)
    bitmask_attributes (1.0.0)
      activerecord (>= 3.1)
    bourbon (3.2.4)
      sass (~> 3.2)
      thor
    buftok (0.2.0)
    builder (3.2.2)
    capistrano (2.15.5)
      highline
      net-scp (>= 1.0.0)
      net-sftp (>= 2.0.0)
      net-ssh (>= 2.0.14)
      net-ssh-gateway (>= 1.1.0)
    capybara (2.4.4)
      mime-types (>= 1.16)
      nokogiri (>= 1.3.3)
      rack (>= 1.0.0)
      rack-test (>= 0.5.4)
      xpath (~> 2.0)
    celluloid (0.16.0)
      timers (~> 4.0.0)
    childprocess (0.5.6)
      ffi (~> 1.0, >= 1.0.11)
    chronic (0.10.2)
    codeclimate-test-reporter (0.4.7)
      simplecov (>= 0.7.1, < 1.0.0)
    coderay (1.1.0)
    coffee-rails (4.0.1)
      coffee-script (>= 2.2.0)
      railties (>= 4.0.0, < 5.0)
    coffee-script (2.4.1)
      coffee-script-source
      execjs
    coffee-script-source (1.9.1.1)
    connection_pool (2.2.0)
    cookiejar (0.3.2)
    countries (0.11.4)
      currencies (~> 0.4.2)
      i18n_data (~> 0.7.0)
    country_select (2.2.0)
      countries (~> 0.11.0)
      sort_alphabetical (~> 1.0)
    css_parser (1.3.6)
      addressable
    currencies (0.4.2)
    daemons (1.2.2)
    date_time_attribute (0.1.2)
      activesupport (>= 3.0.0)
    diff-lcs (1.2.5)
    docile (1.1.5)
    domain_name (0.5.24)
      unf (>= 0.0.5, < 1.0.0)
    doorkeeper (0.7.4)
      jquery-rails (>= 2.0.2)
      railties (>= 3.1)
    em-http-request (1.1.2)
      addressable (>= 2.3.4)
      cookiejar
      em-socksify (>= 0.3)
      eventmachine (>= 1.0.3)
      http_parser.rb (>= 0.6.0)
    em-socksify (0.3.0)
      eventmachine (>= 1.0.0.beta.4)
    equalizer (0.0.11)
    erubis (2.7.0)
    eventmachine (1.0.7)
    execjs (2.5.2)
    factory_girl (4.5.0)
      activesupport (>= 3.0.0)
    factory_girl_rails (4.5.0)
      factory_girl (~> 4.5.0)
      railties (>= 3.0.0)
    faraday (0.9.1)
      multipart-post (>= 1.2, < 3)
    faye (1.1.1)
      cookiejar (>= 0.3.0)
      em-http-request (>= 0.3.0)
      eventmachine (>= 0.12.0)
      faye-websocket (>= 0.9.1)
      multi_json (>= 1.0.0)
      rack (>= 1.0.0)
      websocket-driver (>= 0.5.1)
    faye-websocket (0.9.2)
      eventmachine (>= 0.12.0)
      websocket-driver (>= 0.5.1)
    ffaker (2.0.0)
    ffi (1.9.8)
    figaro (1.1.1)
      thor (~> 0.14)
    font-awesome-sass (4.3.2.1)
      sass (~> 3.2)
    formatador (0.2.5)
    globalid (0.3.5)
      activesupport (>= 4.1.0)
    guard (2.12.6)
      formatador (>= 0.2.4)
      listen (~> 2.7)
      lumberjack (~> 1.0)
      nenv (~> 0.1)
      notiffany (~> 0.0)
      pry (>= 0.9.12)
      shellany (~> 0.0)
      thor (>= 0.18.1)
    guard-compat (1.2.1)
    guard-rspec (4.5.2)
      guard (~> 2.1)
      guard-compat (~> 1.1)
      rspec (>= 2.99.0, < 4.0)
    haml (4.0.6)
      tilt
    haml-rails (0.9.0)
      actionpack (>= 4.0.1)
      activesupport (>= 4.0.1)
      haml (>= 4.0.6, < 5.0)
      html2haml (>= 1.0.1)
      railties (>= 4.0.1)
    has_scope (0.6.0)
      actionpack (>= 3.2, < 5)
      activesupport (>= 3.2, < 5)
    hashie (2.1.2)
    highline (1.7.2)
    hike (1.2.3)
    hiredis (0.6.0)
    hitimes (1.2.2)
    hpricot (0.8.6)
    html2haml (2.0.0)
      erubis (~> 2.7.0)
      haml (~> 4.0.0)
      nokogiri (~> 1.6.0)
      ruby_parser (~> 3.5)
    htmlentities (4.3.3)
    http (0.6.4)
      http_parser.rb (~> 0.6.0)
    http-cookie (1.0.2)
      domain_name (~> 0.5)
    http_accept_language (2.0.5)
    http_parser.rb (0.6.0)
    httparty (0.13.5)
      json (~> 1.8)
      multi_xml (>= 0.5.2)
    i18n (0.7.0)
    i18n_data (0.7.0)
    inherited_resources (1.6.0)
      actionpack (>= 3.2, < 5)
      has_scope (~> 0.6.0.rc)
      railties (>= 3.2, < 5)
      responders
    jbuilder (1.5.3)
      activesupport (>= 3.0.0)
      multi_json (>= 1.2.0)
    jmespath (1.0.2)
      multi_json (~> 1.0)
    jquery-rails (4.0.4)
      rails-dom-testing (~> 1.0)
      railties (>= 4.2.0)
      thor (>= 0.14, < 2.0)
    json (1.8.3)
    kaminari (0.16.3)
      actionpack (>= 3.0.0)
      activesupport (>= 3.0.0)
    kgio (2.9.3)
    launchy (2.4.3)
      addressable (~> 2.3)
    letter_opener (1.4.1)
      launchy (~> 2.2)
    listen (2.10.1)
      celluloid (~> 0.16.0)
      rb-fsevent (>= 0.9.3)
      rb-inotify (>= 0.9)
    loofah (2.0.2)
      nokogiri (>= 1.5.9)
    lumberjack (1.0.9)
    mail (2.6.3)
      mime-types (>= 1.16, < 3)
    memoizable (0.4.2)
      thread_safe (~> 0.3, >= 0.3.1)
    method_source (0.8.2)
    mime-types (2.6.1)
    mini_magick (4.2.7)
    mini_portile (0.6.2)
    minitest (5.7.0)
    momentjs-rails (2.10.3)
      railties (>= 3.1)
    moneta (0.8.0)
    multi_json (1.11.1)
    multi_xml (0.5.5)
    multipart-post (2.0.0)
    naught (1.0.0)
    nenv (0.2.0)
    nest (2.0.0)
      redic
    net-scp (1.2.1)
      net-ssh (>= 2.6.5)
    net-sftp (2.1.2)
      net-ssh (>= 2.6.5)
    net-ssh (2.9.2)
    net-ssh-gateway (1.2.0)
      net-ssh (>= 2.6.5)
    netrc (0.10.3)
    newrelic_rpm (3.12.0.288)
    nokogiri (1.6.6.2)
      mini_portile (~> 0.6.0)
    notiffany (0.0.6)
      nenv (~> 0.1)
      shellany (~> 0.0)
    paper_trail (4.0.0.rc1)
      activerecord (>= 3.0, < 6.0)
      activesupport (>= 3.0, < 6.0)
      request_store (~> 1.1.0)
    pg (0.17.1)
    pg_search (1.0.4)
      activerecord (>= 3.1)
      activesupport (>= 3.1)
      arel
    polyamorous (1.2.0)
      activerecord (>= 3.0)
    premailer (1.8.4)
      css_parser (>= 1.3.6)
      htmlentities (>= 4.0.0)
    premailer-rails (1.8.2)
      actionmailer (>= 3, < 5)
      premailer (~> 1.7, >= 1.7.9)
    private_pub (1.0.3)
      faye
    pry (0.10.1)
      coderay (~> 1.1.0)
      method_source (~> 0.8.1)
      slop (~> 3.4)
    quiet_assets (1.1.0)
      railties (>= 3.1, < 5.0)
    rack (1.6.2)
    rack-cache (1.2)
      rack (>= 0.4)
    rack-cors (0.4.0)
    rack-protection (1.5.3)
      rack
    rack-test (0.6.3)
      rack (>= 1.0)
    rails (4.2.1)
      actionmailer (= 4.2.1)
      actionpack (= 4.2.1)
      actionview (= 4.2.1)
      activejob (= 4.2.1)
      activemodel (= 4.2.1)
      activerecord (= 4.2.1)
      activesupport (= 4.2.1)
      bundler (>= 1.3.0, < 2.0)
      railties (= 4.2.1)
      sprockets-rails
    rails-deprecated_sanitizer (1.0.3)
      activesupport (>= 4.2.0.alpha)
    rails-dom-testing (1.0.6)
      activesupport (>= 4.2.0.beta, < 5.0)
      nokogiri (~> 1.6.0)
      rails-deprecated_sanitizer (>= 1.0.1)
    rails-html-sanitizer (1.0.2)
      loofah (~> 2.0)
    railties (4.2.1)
      actionpack (= 4.2.1)
      activesupport (= 4.2.1)
      rake (>= 0.8.7)
      thor (>= 0.18.1, < 2.0)
    raindrops (0.13.0)
    rake (10.4.2)
    rb-fsevent (0.9.5)
    rb-inotify (0.9.5)
      ffi (>= 0.5.0)
    rdoc (4.2.0)
    redcarpet (3.3.1)
    redic (1.5.0)
      hiredis
    redis (3.2.1)
    redis-actionpack (4.0.0)
      actionpack (~> 4)
      redis-rack (~> 1.5.0)
      redis-store (~> 1.1.0)
    redis-activesupport (4.0.0)
      activesupport (~> 4)
      redis-store (~> 1.1.0)
    redis-namespace (1.5.2)
      redis (~> 3.0, >= 3.0.4)
    redis-rack (1.5.0)
      rack (~> 1.5)
      redis-store (~> 1.1.0)
    redis-rack-cache (1.2.2)
      rack-cache (~> 1.2)
      redis-store (~> 1.1.0)
    redis-rails (4.0.0)
      redis-actionpack (~> 4)
      redis-activesupport (~> 4)
      redis-store (~> 1.1.0)
    redis-store (1.1.5)
      redis (>= 2.2)
    refile-mini_magick (0.1.0)
      mini_magick (~> 4.0)
      refile (~> 0.5)
    refile-s3 (0.1.0)
      aws-sdk (~> 2.0)
      refile (~> 0.5.0)
    request_store (1.1.0)
    responders (2.1.0)
      railties (>= 4.2.0, < 5)
    rest-client (1.8.0)
      http-cookie (>= 1.0.2, < 2.0)
      mime-types (>= 1.16, < 3.0)
      netrc (~> 0.7)
    rocket_pants (1.13.0)
      actionpack (>= 3.0, < 5.0)
      api_smith
      hashie (>= 1.0, < 3)
      moneta
      railties (>= 3.0, < 5.0)
      will_paginate (~> 3.0)
    rspec (3.3.0)
      rspec-core (~> 3.3.0)
      rspec-expectations (~> 3.3.0)
      rspec-mocks (~> 3.3.0)
    rspec-core (3.3.0)
      rspec-support (~> 3.3.0)
    rspec-expectations (3.3.0)
      diff-lcs (>= 1.2.0, < 2.0)
      rspec-support (~> 3.3.0)
    rspec-mocks (3.3.0)
      diff-lcs (>= 1.2.0, < 2.0)
      rspec-support (~> 3.3.0)
    rspec-rails (3.3.1)
      actionpack (>= 3.0, < 4.3)
      activesupport (>= 3.0, < 4.3)
      railties (>= 3.0, < 4.3)
      rspec-core (~> 3.3.0)
      rspec-expectations (~> 3.3.0)
      rspec-mocks (~> 3.3.0)
      rspec-support (~> 3.3.0)
    rspec-support (3.3.0)
    ruby_parser (3.7.0)
      sexp_processor (~> 4.1)
    rubyzip (1.1.7)
    sass (3.2.19)
    sass-rails (4.0.5)
      railties (>= 4.0.0, < 5.0)
      sass (~> 3.2.2)
      sprockets (~> 2.8, < 3.0)
      sprockets-rails (~> 2.0)
    sdoc (0.4.1)
      json (~> 1.7, >= 1.7.7)
      rdoc (~> 4.0)
    selenium-webdriver (2.46.2)
      childprocess (~> 0.5)
      multi_json (~> 1.0)
      rubyzip (~> 1.0)
      websocket (~> 1.0)
    sexp_processor (4.6.0)
    shellany (0.0.1)
    shoulda-matchers (2.8.0)
      activesupport (>= 3.0.0)
    sidekiq (3.4.0)
      celluloid (>= 0.16.0)
      connection_pool (>= 2.1.1)
      json
      redis (>= 3.0.6)
      redis-namespace (>= 1.3.1)
    simple_form (3.1.0)
      actionpack (~> 4.0)
      activemodel (~> 4.0)
    simple_oauth (0.3.1)
    simplecov (0.10.0)
      docile (~> 1.1.0)
      json (~> 1.8)
      simplecov-html (~> 0.10.0)
    simplecov-html (0.10.0)
    sinatra (1.4.6)
      rack (~> 1.4)
      rack-protection (~> 1.4)
      tilt (>= 1.3, < 3)
    sitemap_generator (5.0.5)
      builder
    skylight (0.6.0)
      activesupport (>= 3.0.0)
    slim (3.0.6)
      temple (~> 0.7.3)
      tilt (>= 1.3.3, < 2.1)
    slop (3.6.0)
    sort_alphabetical (1.0.1)
      unicode_utils (>= 1.2.2)
    sprockets (2.12.3)
      hike (~> 1.2)
      multi_json (~> 1.0)
      rack (~> 1.0)
      tilt (~> 1.1, != 1.3.0)
    sprockets-rails (2.3.1)
      actionpack (>= 3.0)
      activesupport (>= 3.0)
      sprockets (>= 2.8, < 4.0)
    stamp (0.6.0)
    temple (0.7.6)
    thin (1.6.3)
      daemons (~> 1.0, >= 1.0.9)
      eventmachine (~> 1.0)
      rack (~> 1.0)
    thor (0.19.1)
    thread_safe (0.3.5)
    tilt (1.4.1)
    timers (4.0.1)
      hitimes
    timezone (0.4.0)
    twitter (5.14.0)
      addressable (~> 2.3)
      buftok (~> 0.2.0)
      equalizer (~> 0.0.9)
      faraday (~> 0.9.0)
      http (~> 0.6.0)
      http_parser.rb (~> 0.6.0)
      json (~> 1.8)
      memoizable (~> 0.4.0)
      naught (~> 1.0)
      simple_oauth (~> 0.3.0)
    tzinfo (1.2.2)
      thread_safe (~> 0.1)
    uglifier (2.7.1)
      execjs (>= 0.3.0)
      json (>= 1.8.0)
    unf (0.1.4)
      unf_ext
    unf_ext (0.0.7.1)
    unicode_utils (1.4.0)
    unicorn (4.9.0)
      kgio (~> 2.6)
      rack
      raindrops (~> 0.7)
    uniform_notifier (1.9.0)
    websocket (1.2.2)
    websocket-driver (0.5.4)
      websocket-extensions (>= 0.1.0)
    websocket-extensions (0.1.2)
    whenever (0.9.4)
      chronic (>= 0.6.3)
    will_paginate (3.0.7)
    xpath (2.0.0)
      nokogiri (~> 1.3)
    zonebie (0.5.1)
    zurb-foundation (4.0.9)
      sass (>= 3.2.0)

PLATFORMS
  ruby

DEPENDENCIES
  active_model_serializers
  acts-as-taggable-on
  ancestry!
  authority!
  aws-sdk
  aws-sdk-v1
  bcrypt-ruby
  bitmask_attributes
  bourbon
  bullet!
  capistrano (~> 2.15)
  capybara
  chronic
  cocoon!
  codeclimate-test-reporter
  coderay
  coffee-rails (~> 4.0.0)
  countries
  country_select
  database_cleaner!
  date_time_attribute
  doorkeeper (~> 0.7.0)
  factory_girl_rails
  ffaker
  figaro
  font-awesome-rails!
  font-awesome-sass (~> 4.3.0)
  friendly_id!
  geocoder!
  guard-rspec
  haml-rails
  hpricot
  http_accept_language
  inherited_resources
  jbuilder (~> 1.2)
  jquery-rails
  kaminari
  launchy
  letter_opener
  momentjs-rails
  nest
  net-ssh
  newrelic_rpm
  paper_trail (>= 3.0.0.rc2)
  pg (= 0.17.1)
  pg_search
  premailer-rails
  private_pub
  quiet_assets
  rack-cache
  rack-cors
  rails (= 4.2.1)
  ransack!
  redcarpet
  redis-rack-cache
  redis-rails
  refile!
  refile-mini_magick
  refile-s3
  rocket_pants (~> 1.0)
  rolify!
  rspec-rails
  sass-rails (~> 4.0.0)
  sdoc
  selenium-webdriver
  shoulda-matchers
  sidekiq
  simple_form
  simplecov
  sinatra (>= 1.3.0)
  sitemap_generator
  skylight
  slim
  sort_alphabetical
  sprockets-rails
  stamp
  thin
  timezone
  twitter
  uglifier (>= 1.3.0)
  unicorn
  whenever
  workflow!
  zonebie
  zurb-foundation (~> 4.0.0)

BUNDLED WITH
   1.10.4
